PATH
  remote: .
  specs:
    meraki (0.1.1)
      httparty (~> 0.17)

GEM
  remote: https://rubygems.org/
  specs:
    ast (2.4.0)
    byebug (11.0.1)
    coderay (1.1.2)
    diff-lcs (1.3)
    httparty (0.17.3)
      mime-types (~> 3.0)
      multi_xml (>= 0.5.2)
    jaro_winkler (1.5.4)
    method_source (0.9.2)
    mime-types (3.3.1)
      mime-types-data (~> 3.2015)
    mime-types-data (3.2019.1009)
    multi_xml (0.6.0)
    parallel (1.19.1)
    parser (2.7.0.2)
      ast (~> 2.4.0)
    pry (0.12.2)
      coderay (~> 1.1.0)
      method_source (~> 0.9.0)
    rainbow (3.0.0)
    rake (10.5.0)
    rspec (3.9.0)
      rspec-core (~> 3.9.0)
      rspec-expectations (~> 3.9.0)
      rspec-mocks (~> 3.9.0)
    rspec-core (3.9.1)
      rspec-support (~> 3.9.1)
    rspec-expectations (3.9.0)
      diff-lcs (>= 1.2.0, < 2.0)
      rspec-support (~> 3.9.0)
    rspec-mocks (3.9.1)
      diff-lcs (>= 1.2.0, < 2.0)
      rspec-support (~> 3.9.0)
    rspec-support (3.9.2)
    rubocop (0.79.0)
      jaro_winkler (~> 1.5.1)
      parallel (~> 1.10)
      parser (>= 2.7.0.1)
      rainbow (>= 2.2.2, < 4.0)
      ruby-progressbar (~> 1.7)
      unicode-display_width (>= 1.4.0, < 1.7)
    ruby-progressbar (1.10.1)
    unicode-display_width (1.6.0)

PLATFORMS
  ruby

DEPENDENCIES
  bundler (~> 2.0)
  byebug (~> 11.0)
  meraki!
  pry (~> 0.12)
  rake (~> 10.0)
  rspec (~> 3.0)
  rubocop (~> 0.79)

BUNDLED WITH
   2.0.1
